PATH
  remote: .
  specs:
    mongo_connector (0.0.1.pre)
      bson_ext (~> 1.8.2)
      mongo (~> 1.6)

GEM
  remote: http://rubygems.org/
  specs:
    bson (1.8.2)
    bson_ext (1.8.2)
      bson (~> 1.8.2)
    diff-lcs (1.2.1)
    mongo (1.8.2)
      bson (~> 1.8.2)
    rake (10.0.3)
    rspec (2.13.0)
      rspec-core (~> 2.13.0)
      rspec-expectations (~> 2.13.0)
      rspec-mocks (~> 2.13.0)
    rspec-core (2.13.0)
    rspec-expectations (2.13.0)
      diff-lcs (>= 1.1.3, < 2.0)
    rspec-mocks (2.13.0)

PLATFORMS
  ruby

DEPENDENCIES
  mongo_connector!
  rake
  rspec
